GEM
  remote: https://rubygems.org/
  specs:
    serialport (1.3.2)

PLATFORMS
  arm64-darwin-21

DEPENDENCIES
  serialport

RUBY VERSION
   ruby 3.1.0p0

BUNDLED WITH
   2.3.5
